GIT
  remote: git@github.com:jsqu99/spree_flexi_variants.git
  revision: 4bb74ad3df3c13ebe3b635dae89f2f2c18ff96ce
  branch: spree-0-70-stable
  specs:
    spree_flexi_variants (1.0.0)
      carrierwave
      json
      rmagick

GIT
  remote: https://github.com/spree/spree_paypal_express.git
  revision: bea1aa48e0089083546bec4b19565a40e9a50a20
  ref: bea1aa48e0089083546bec4b19565a40e9a50a20
  specs:
    spree_paypal_express (1.0.1)
      spree_core (>= 0.40.3)

GIT
  remote: https://github.com/spree/spree_social.git
  revision: 4ea2af7dd149bf8114d5f8e92a415d4050dec99c
  branch: 0_70_stable
  specs:
    spree_social (1.3)
      oa-oauth (>= 0.3.2)
      spree_auth (>= 0.60.1)

GEM
  remote: http://rubygems.org/
  specs:
    actionmailer (3.1.3)
      actionpack (= 3.1.3)
      mail (~> 2.3.0)
    actionpack (3.1.3)
      activemodel (= 3.1.3)
      activesupport (= 3.1.3)
      builder (~> 3.0.0)
      erubis (~> 2.7.0)
      i18n (~> 0.6)
      rack (~> 1.3.5)
      rack-cache (~> 1.1)
      rack-mount (~> 0.8.2)
      rack-test (~> 0.6.1)
      sprockets (~> 2.0.3)
    activemerchant (1.17.0)
      activesupport (>= 2.3.11)
      braintree (>= 2.0.0)
      builder (>= 2.0.0)
      json (>= 1.5.1)
    activemodel (3.1.3)
      activesupport (= 3.1.3)
      builder (~> 3.0.0)
      i18n (~> 0.6)
    activerecord (3.1.3)
      activemodel (= 3.1.3)
      activesupport (= 3.1.3)
      arel (~> 2.2.1)
      tzinfo (~> 0.3.29)
    activeresource (3.1.3)
      activemodel (= 3.1.3)
      activesupport (= 3.1.3)
    activesupport (3.1.3)
      multi_json (~> 1.0)
    acts_as_list (0.1.4)
    addressable (2.2.7)
    arel (2.2.1)
    bcrypt-ruby (3.0.1)
    braintree (2.16.0)
      builder (>= 2.0.0)
    builder (3.0.0)
    cancan (1.6.5)
    capistrano (2.12.0)
      highline
      net-scp (>= 1.0.0)
      net-sftp (>= 2.0.0)
      net-ssh (>= 2.0.14)
      net-ssh-gateway (>= 1.1.0)
    capistrano-ext (1.2.1)
      capistrano (>= 1.0.0)
    carrierwave (0.5.8)
      activesupport (~> 3.0)
    cocaine (0.2.1)
    coffee-rails (3.1.1)
      coffee-script (>= 2.2.0)
      railties (~> 3.1.0)
    coffee-script (2.2.0)
      coffee-script-source
      execjs
    coffee-script-source (1.2.0)
    deface (0.8.0)
      nokogiri (~> 1.5.0)
      rails (>= 3.0.9)
    devise (1.4.7)
      bcrypt-ruby (~> 3.0)
      orm_adapter (~> 0.0.3)
      warden (~> 1.0.3)
    erubis (2.7.0)
    execjs (1.3.0)
      multi_json (~> 1.0)
    faker (1.0.0)
      i18n (~> 0.4)
    faraday (0.7.6)
      addressable (~> 2.2)
      multipart-post (~> 1.1)
      rack (~> 1.1)
    highline (1.6.2)
    hike (1.2.1)
    i18n (0.6.0)
    jquery-rails (1.0.19)
      railties (~> 3.0)
      thor (~> 0.14)
    json (1.6.5)
    kaminari (0.13.0)
      actionpack (>= 3.0.0)
      activesupport (>= 3.0.0)
      railties (>= 3.0.0)
    mail (2.3.0)
      i18n (>= 0.4.0)
      mime-types (~> 1.16)
      treetop (~> 1.4.8)
    meta_search (1.1.1)
      actionpack (~> 3.1.0)
      activerecord (~> 3.1.0)
      activesupport (~> 3.1.0)
      polyamorous (~> 0.5.0)
    mime-types (1.17.2)
    multi_json (1.0.4)
    multi_xml (0.4.4)
    multipart-post (1.1.5)
    mysql2 (0.3.11)
    nested_set (1.6.8)
      activerecord (>= 3.0.0)
      railties (>= 3.0.0)
    net-scp (1.0.4)
      net-ssh (>= 1.99.1)
    net-sftp (2.0.5)
      net-ssh (>= 2.0.9)
    net-ssh (2.3.0)
    net-ssh-gateway (1.1.0)
      net-ssh (>= 1.99.1)
    nokogiri (1.5.2)
    oa-core (0.3.2)
    oa-oauth (0.3.2)
      faraday (~> 0.7.3)
      multi_json (~> 1.0.0)
      multi_xml (~> 0.4.0)
      oa-core (= 0.3.2)
      oauth (~> 0.4.0)
      oauth2 (~> 0.5.0)
    oauth (0.4.6)
    oauth2 (0.5.2)
      faraday (~> 0.7)
      multi_json (~> 1.0)
    orm_adapter (0.0.7)
    paperclip (2.5.0)
      activerecord (>= 2.3.0)
      activesupport (>= 2.3.2)
      cocaine (>= 0.0.2)
      mime-types
    polyamorous (0.5.0)
      activerecord (~> 3.0)
    polyglot (0.3.3)
    rack (1.3.6)
    rack-cache (1.1)
      rack (>= 0.4)
    rack-mount (0.8.3)
      rack (>= 1.0.0)
    rack-ssl (1.3.2)
      rack
    rack-test (0.6.1)
      rack (>= 1.0)
    rails (3.1.3)
      actionmailer (= 3.1.3)
      actionpack (= 3.1.3)
      activerecord (= 3.1.3)
      activeresource (= 3.1.3)
      activesupport (= 3.1.3)
      bundler (~> 1.0)
      railties (= 3.1.3)
    railties (3.1.3)
      actionpack (= 3.1.3)
      activesupport (= 3.1.3)
      rack-ssl (~> 1.3.2)
      rake (>= 0.8.7)
      rdoc (~> 3.4)
      thor (~> 0.14.6)
    rake (0.9.2.2)
    rd_find_by_param (0.1.1)
      activerecord (~> 3.0)
      activesupport (~> 3.0)
    rd_resource_controller (1.0.1)
    rdoc (3.12)
      json (~> 1.4)
    rmagick (2.13.1)
    sass (3.1.12)
    sass-rails (3.1.5)
      actionpack (~> 3.1.0)
      railties (~> 3.1.0)
      sass (~> 3.1.10)
      tilt (~> 1.3.2)
    spree (0.70.4)
      spree_api (= 0.70.4)
      spree_auth (= 0.70.4)
      spree_core (= 0.70.4)
      spree_dash (= 0.70.4)
      spree_promo (= 0.70.4)
      spree_sample (= 0.70.4)
    spree_api (0.70.4)
      spree_auth (= 0.70.4)
      spree_core (= 0.70.4)
    spree_auth (0.70.4)
      cancan (= 1.6.5)
      devise (= 1.4.7)
      spree_core (= 0.70.4)
    spree_core (0.70.4)
      activemerchant (= 1.17.0)
      acts_as_list (= 0.1.4)
      deface (>= 0.7.0)
      faker (= 1.0.0)
      highline (= 1.6.2)
      jquery-rails (>= 1.0.14)
      kaminari (>= 0.12.4)
      meta_search (= 1.1.1)
      nested_set (= 1.6.8)
      paperclip (= 2.5.0)
      rails (>= 3.1.1, <= 3.1.4)
      rd_find_by_param (= 0.1.1)
      rd_resource_controller
      state_machine (= 1.0.1)
      stringex (= 1.3.0)
    spree_dash (0.70.4)
      spree_core (= 0.70.4)
    spree_promo (0.70.4)
      spree_auth (= 0.70.4)
      spree_core (= 0.70.4)
    spree_sample (0.70.4)
      spree_core (= 0.70.4)
    sprockets (2.0.3)
      hike (~> 1.2)
      rack (~> 1.0)
      tilt (~> 1.1, != 1.3.0)
    sqlite3 (1.3.5)
    state_machine (1.0.1)
    stringex (1.3.0)
    thor (0.14.6)
    tilt (1.3.3)
    treetop (1.4.10)
      polyglot
      polyglot (>= 0.3.1)
    tzinfo (0.3.31)
    uglifier (1.2.2)
      execjs (>= 0.3.0)
      multi_json (>= 1.0.2)
    warden (1.0.6)
      rack (>= 1.0)

PLATFORMS
  ruby

DEPENDENCIES
  capistrano
  capistrano-ext
  carrierwave
  coffee-rails (~> 3.1.1)
  jquery-rails
  json
  mysql2
  rails
  rmagick
  sass-rails (~> 3.1.5)
  spree (= 0.70.4)
  spree_flexi_variants!
  spree_paypal_express!
  spree_social!
  sqlite3
  uglifier (>= 1.0.3)
